GEM
  remote: https://rubygems.org/
  specs:
    activemodel (5.2.2)
      activesupport (= 5.2.2)
    activesupport (5.2.2)
      concurrent-ruby (~> 1.0, >= 1.0.2)
      i18n (>= 0.7, < 2)
      minitest (~> 5.1)
      tzinfo (~> 1.1)
    bson (4.4.2)
    concurrent-ruby (1.1.4)
    confstruct (1.0.2)
      hashie (~> 3.3)
    eventide-postgres (1.0.0.0)
      evt-consumer-postgres
      evt-entity_snapshot-postgres
      evt-entity_store
    evt-async_invocation (1.0.0.0)
    evt-attribute (1.0.0.0)
    evt-casing (1.0.0.0)
    evt-clock (1.1.0.0)
      naught
    evt-configure (1.0.0.1)
    evt-consumer (1.0.2.0)
      evt-configure
      evt-messaging
      evt-poll
      evt-settings
      ntl-actor
    evt-consumer-postgres (1.0.1.0)
      evt-consumer
      evt-messaging-postgres
    evt-dependency (1.0.0.0)
      evt-subst_attr
    evt-entity_cache (1.0.0.0)
      evt-configure
      evt-message_store
      evt-settings
      evt-telemetry
    evt-entity_projection (1.0.0.0)
      evt-messaging
    evt-entity_snapshot-postgres (1.0.0.0)
      evt-entity_store
      evt-messaging-postgres
    evt-entity_store (1.0.0.0)
      evt-entity_cache
      evt-entity_projection
    evt-identifier-uuid (1.0.0.0)
      naught
    evt-initializer (1.0.0.0)
      evt-attribute
    evt-log (1.0.0.0)
      evt-clock
      evt-dependency
      evt-initializer
      evt-telemetry
      terminal_colors
    evt-message_store (1.0.1.1)
      evt-async_invocation
      evt-casing
      evt-identifier-uuid
      evt-initializer
      evt-schema
      evt-transform
      evt-virtual
    evt-message_store-postgres (1.0.0.1)
      evt-log
      evt-message_store
      evt-message_store-postgres-database
      evt-settings
      pg
    evt-message_store-postgres-database (1.0.0.0)
    evt-messaging (1.1.0.0)
      evt-message_store
    evt-messaging-postgres (1.0.0.0)
      evt-message_store-postgres
      evt-messaging
    evt-poll (1.0.0.0)
      evt-clock
      evt-log
      evt-telemetry
    evt-reflect (0.2.0.0)
    evt-schema (1.0.0.0)
      evt-attribute
      evt-set_attributes
      evt-validate
      evt-virtual
    evt-set_attributes (1.0.0.0)
    evt-settings (1.0.0.0)
      confstruct
      evt-casing
      evt-log
    evt-subst_attr (1.0.0.0)
      evt-attribute
      evt-reflect
      naught
    evt-telemetry (1.0.0.0)
      evt-clock
      evt-dependency
    evt-transform (1.0.0.0)
      evt-log
      evt-reflect
    evt-validate (1.0.0.0)
      evt-reflect
    evt-virtual (1.0.0.0)
    hashie (3.6.0)
    i18n (1.5.3)
      concurrent-ruby (~> 1.0)
    minitest (5.11.3)
    mongo (2.7.0)
      bson (>= 4.4.2, < 5.0.0)
    mongoid (7.0.2)
      activemodel (>= 5.1, < 6.0.0)
      mongo (>= 2.5.1, < 3.0.0)
    naught (1.1.0)
    ntl-actor (1.2.7)
    pg (1.1.4)
    rack (2.0.5)
    roda (3.13.0)
      rack
    terminal_colors (1.0.0)
    thread_safe (0.3.6)
    tzinfo (1.2.5)
      thread_safe (~> 0.1)

PLATFORMS
  ruby

DEPENDENCIES
  eventide-postgres
  mongoid
  roda

BUNDLED WITH
   1.16.6
